GIT
  remote: git://github.com/Nerian/bootstrap-datepicker-rails.git
  revision: 486f26e0c4cbbc6e55a1d8a477a550f5a6594a8d
  specs:
    bootstrap-datepicker-rails (1.4.0)
      railties (>= 3.0)

GIT
  remote: https://github.com/twbs/bootstrap-rubygem
  revision: 5ef4dee608c93e6b3d7538500bbac4d05c79b94b
  specs:
    bootstrap (4.0.0.dev)
      autoprefixer-rails (>= 5.2.1.3)
      sass (>= 3.4.18)

GEM
  remote: https://rubygems.org/
  specs:
    actionmailer (4.2.0)
      actionpack (= 4.2.0)
      actionview (= 4.2.0)
      activejob (= 4.2.0)
      mail (~> 2.5, >= 2.5.4)
      rails-dom-testing (~> 1.0, >= 1.0.5)
    actionpack (4.2.0)
      actionview (= 4.2.0)
      activesupport (= 4.2.0)
      rack (~> 1.6.0)
      rack-test (~> 0.6.2)
      rails-dom-testing (~> 1.0, >= 1.0.5)
      rails-html-sanitizer (~> 1.0, >= 1.0.1)
    actionview (4.2.0)
      activesupport (= 4.2.0)
      builder (~> 3.1)
      erubis (~> 2.7.0)
      rails-dom-testing (~> 1.0, >= 1.0.5)
      rails-html-sanitizer (~> 1.0, >= 1.0.1)
    activejob (4.2.0)
      activesupport (= 4.2.0)
      globalid (>= 0.3.0)
    activemodel (4.2.0)
      activesupport (= 4.2.0)
      builder (~> 3.1)
    activerecord (4.2.0)
      activemodel (= 4.2.0)
      activesupport (= 4.2.0)
      arel (~> 6.0)
    activesupport (4.2.0)
      i18n (~> 0.7)
      json (~> 1.7, >= 1.7.7)
      minitest (~> 5.1)
      thread_safe (~> 0.3, >= 0.3.4)
      tzinfo (~> 1.1)
    arel (6.0.3)
    autoprefixer-rails (6.0.2)
      execjs
      json
    bcrypt (3.1.10)
    binding_of_caller (0.7.2)
      debug_inspector (>= 0.0.1)
    bootstrap-kaminari-views (0.0.5)
      kaminari (>= 0.13)
      rails (>= 3.1)
    bootstrap-sass (3.3.5.1)
      autoprefixer-rails (>= 5.0.0.1)
      sass (>= 3.3.0)
    bootstrap-switch-rails (3.0.2)
    builder (3.2.2)
    byebug (6.0.2)
    chartkick (1.4.1)
    coffee-rails (4.1.0)
      coffee-script (>= 2.2.0)
      railties (>= 4.0.0, < 5.0)
    coffee-script (2.4.1)
      coffee-script-source
      execjs
    coffee-script-source (1.9.1.1)
    debug_inspector (0.0.2)
    devise (3.5.2)
      bcrypt (~> 3.0)
      orm_adapter (~> 0.1)
      railties (>= 3.2.6, < 5)
      responders
      thread_safe (~> 0.1)
      warden (~> 1.2.3)
    erubis (2.7.0)
    execjs (2.6.0)
    font-awesome-rails (4.4.0.0)
      railties (>= 3.2, < 5.0)
    globalid (0.3.6)
      activesupport (>= 4.1.0)
    haml (4.0.7)
      tilt
    i18n (0.7.0)
    jbuilder (2.3.1)
      activesupport (>= 3.0.0, < 5)
      multi_json (~> 1.2)
    jquery-rails (4.0.5)
      rails-dom-testing (~> 1.0)
      railties (>= 4.2.0)
      thor (>= 0.14, < 2.0)
    jquery-ui-rails (5.0.5)
      railties (>= 3.2.16)
    json (1.8.3)
    kaminari (0.16.3)
      actionpack (>= 3.0.0)
      activesupport (>= 3.0.0)
    loofah (2.0.3)
      nokogiri (>= 1.5.9)
    mail (2.6.3)
      mime-types (>= 1.16, < 3)
    mime-types (2.6.1)
    mini_portile (0.6.2)
    minitest (5.8.0)
    multi_json (1.11.2)
    nokogiri (1.6.6.2)
      mini_portile (~> 0.6.0)
    orm_adapter (0.5.0)
    pg (0.17.1)
    pundit (1.0.1)
      activesupport (>= 3.0.0)
    rack (1.6.4)
    rack-test (0.6.3)
      rack (>= 1.0)
    rails (4.2.0)
      actionmailer (= 4.2.0)
      actionpack (= 4.2.0)
      actionview (= 4.2.0)
      activejob (= 4.2.0)
      activemodel (= 4.2.0)
      activerecord (= 4.2.0)
      activesupport (= 4.2.0)
      bundler (>= 1.3.0, < 2.0)
      railties (= 4.2.0)
      sprockets-rails
    rails-deprecated_sanitizer (1.0.3)
      activesupport (>= 4.2.0.alpha)
    rails-dom-testing (1.0.7)
      activesupport (>= 4.2.0.beta, < 5.0)
      nokogiri (~> 1.6.0)
      rails-deprecated_sanitizer (>= 1.0.1)
    rails-html-sanitizer (1.0.2)
      loofah (~> 2.0)
    rails_12factor (0.0.2)
      rails_serve_static_assets
      rails_stdout_logging
    rails_serve_static_assets (0.0.4)
    rails_stdout_logging (0.0.4)
    railties (4.2.0)
      actionpack (= 4.2.0)
      activesupport (= 4.2.0)
      rake (>= 0.8.7)
      thor (>= 0.18.1, < 2.0)
    rake (10.4.2)
    rdoc (4.2.0)
      json (~> 1.4)
    responders (2.1.0)
      railties (>= 4.2.0, < 5)
    sass (3.4.18)
    sass-rails (5.0.4)
      railties (>= 4.0.0, < 5.0)
      sass (~> 3.1)
      sprockets (>= 2.8, < 4.0)
      sprockets-rails (>= 2.0, < 4.0)
      tilt (>= 1.1, < 3)
    sdoc (0.4.1)
      json (~> 1.7, >= 1.7.7)
      rdoc (~> 4.0)
    spring (1.3.6)
    sprockets (3.3.4)
      rack (~> 1.0)
    sprockets-rails (2.3.3)
      actionpack (>= 3.0)
      activesupport (>= 3.0)
      sprockets (>= 2.8, < 4.0)
    sqlite3 (1.3.10)
    thor (0.19.1)
    thread_safe (0.3.5)
    tilt (2.0.1)
    turbolinks (2.5.3)
      coffee-rails
    tzinfo (1.2.2)
      thread_safe (~> 0.1)
    uglifier (2.7.2)
      execjs (>= 0.3.0)
      json (>= 1.8.0)
    underscore-rails (1.8.3)
    warden (1.2.3)
      rack (>= 1.0)
    web-console (2.2.1)
      activemodel (>= 4.0)
      binding_of_caller (>= 0.7.2)
      railties (>= 4.0)
      sprockets-rails (>= 2.0, < 4.0)

PLATFORMS
  ruby

DEPENDENCIES
  autoprefixer-rails
  bootstrap!
  bootstrap-datepicker-rails!
  bootstrap-kaminari-views
  bootstrap-sass (~> 3.3.5)
  bootstrap-switch-rails (~> 3.0.0)
  byebug
  chartkick
  coffee-rails (~> 4.1.0)
  devise
  font-awesome-rails
  haml (~> 4.0.5)
  jbuilder (~> 2.0)
  jquery-rails (~> 4.0.4)
  jquery-ui-rails
  kaminari
  pg (= 0.17.1)
  pundit
  rails (= 4.2.0)
  rails_12factor (= 0.0.2)
  sass-rails (>= 3.2)
  sdoc (~> 0.4.0)
  spring
  sqlite3
  turbolinks
  uglifier (>= 1.3.0)
  underscore-rails
  web-console (~> 2.0)
